PATH
  remote: .
  specs:
    serverless-tools (0.7.0)
      aws-sdk-ecr
      aws-sdk-lambda
      aws-sdk-s3
      thor

GEM
  remote: https://rubygems.org/
  specs:
    ast (2.4.2)
    aws-eventstream (1.2.0)
    aws-partitions (1.653.0)
    aws-sdk-core (3.166.0)
      aws-eventstream (~> 1, >= 1.0.2)
      aws-partitions (~> 1, >= 1.651.0)
      aws-sigv4 (~> 1.5)
      jmespath (~> 1, >= 1.6.1)
    aws-sdk-ecr (1.56.0)
      aws-sdk-core (~> 3, >= 3.127.0)
      aws-sigv4 (~> 1.1)
    aws-sdk-kms (1.59.0)
      aws-sdk-core (~> 3, >= 3.165.0)
      aws-sigv4 (~> 1.1)
    aws-sdk-lambda (1.85.0)
      aws-sdk-core (~> 3, >= 3.127.0)
      aws-sigv4 (~> 1.1)
    aws-sdk-s3 (1.117.1)
      aws-sdk-core (~> 3, >= 3.165.0)
      aws-sdk-kms (~> 1)
      aws-sigv4 (~> 1.4)
    aws-sigv4 (1.5.2)
      aws-eventstream (~> 1, >= 1.0.2)
    jmespath (1.6.1)
    json (2.6.2)
    minitest (5.16.3)
    mocha (1.16.0)
    parallel (1.22.1)
    parser (3.1.2.1)
      ast (~> 2.4.1)
    power_assert (2.0.2)
    rainbow (3.1.1)
    rake (13.0.6)
    regexp_parser (2.6.0)
    rexml (3.2.5)
    rubocop (1.37.1)
      json (~> 2.3)
      parallel (~> 1.10)
      parser (>= 3.1.2.1)
      rainbow (>= 2.2.2, < 4.0)
      regexp_parser (>= 1.8, < 3.0)
      rexml (>= 3.2.5, < 4.0)
      rubocop-ast (>= 1.23.0, < 2.0)
      ruby-progressbar (~> 1.7)
      unicode-display_width (>= 1.4.0, < 3.0)
    rubocop-ast (1.23.0)
      parser (>= 3.1.1.0)
    ruby-progressbar (1.11.0)
    test-unit (3.5.5)
      power_assert
    thor (1.2.1)
    unicode-display_width (2.3.0)

PLATFORMS
  ruby

DEPENDENCIES
  bundler (~> 2.2.31)
  minitest (~> 5.0)
  mocha
  rake
  rubocop
  serverless-tools!
  test-unit

BUNDLED WITH
   2.2.33
