PATH
  remote: .
  specs:
    serverless-tools (0.12.0)
      aws-sdk-ecr
      aws-sdk-lambda
      aws-sdk-s3
      octokit
      slack-ruby-client
      thor

GEM
  remote: https://rubygems.org/
  specs:
    addressable (2.8.1)
      public_suffix (>= 2.0.2, < 6.0)
    ast (2.4.2)
    aws-eventstream (1.2.0)
    aws-partitions (1.672.0)
    aws-sdk-core (3.168.3)
      aws-eventstream (~> 1, >= 1.0.2)
      aws-partitions (~> 1, >= 1.651.0)
      aws-sigv4 (~> 1.5)
      jmespath (~> 1, >= 1.6.1)
    aws-sdk-ecr (1.57.0)
      aws-sdk-core (~> 3, >= 3.165.0)
      aws-sigv4 (~> 1.1)
    aws-sdk-kms (1.60.0)
      aws-sdk-core (~> 3, >= 3.165.0)
      aws-sigv4 (~> 1.1)
    aws-sdk-lambda (1.88.0)
      aws-sdk-core (~> 3, >= 3.165.0)
      aws-sigv4 (~> 1.1)
    aws-sdk-s3 (1.117.2)
      aws-sdk-core (~> 3, >= 3.165.0)
      aws-sdk-kms (~> 1)
      aws-sigv4 (~> 1.4)
    aws-sigv4 (1.5.2)
      aws-eventstream (~> 1, >= 1.0.2)
    faraday (2.7.1)
      faraday-net_http (>= 2.0, < 3.1)
      ruby2_keywords (>= 0.0.4)
    faraday-mashify (0.1.1)
      faraday (~> 2.0)
      hashie
    faraday-multipart (1.0.4)
      multipart-post (~> 2)
    faraday-net_http (3.0.2)
    gli (2.21.0)
    hashie (5.0.0)
    jmespath (1.6.2)
    json (2.6.3)
    minitest (5.16.3)
    mocha (1.16.0)
    multipart-post (2.2.3)
    octokit (6.0.1)
      faraday (>= 1, < 3)
      sawyer (~> 0.9)
    parallel (1.22.1)
    parser (3.1.3.0)
      ast (~> 2.4.1)
    power_assert (2.0.2)
    public_suffix (5.0.0)
    rainbow (3.1.1)
    rake (13.0.6)
    regexp_parser (2.6.1)
    rexml (3.2.5)
    rubocop (1.40.0)
      json (~> 2.3)
      parallel (~> 1.10)
      parser (>= 3.1.2.1)
      rainbow (>= 2.2.2, < 4.0)
      regexp_parser (>= 1.8, < 3.0)
      rexml (>= 3.2.5, < 4.0)
      rubocop-ast (>= 1.23.0, < 2.0)
      ruby-progressbar (~> 1.7)
      unicode-display_width (>= 1.4.0, < 3.0)
    rubocop-ast (1.24.0)
      parser (>= 3.1.1.0)
    ruby-progressbar (1.11.0)
    ruby2_keywords (0.0.5)
    sawyer (0.9.2)
      addressable (>= 2.3.5)
      faraday (>= 0.17.3, < 3)
    slack-ruby-client (2.0.0)
      faraday (>= 2.0)
      faraday-mashify
      faraday-multipart
      gli
      hashie
      websocket-driver
    test-unit (3.5.7)
      power_assert
    thor (1.2.1)
    unicode-display_width (2.3.0)
    websocket-driver (0.7.5)
      websocket-extensions (>= 0.1.0)
    websocket-extensions (0.1.5)

PLATFORMS
  ruby

DEPENDENCIES
  bundler (~> 2.3)
  minitest (~> 5.0)
  mocha
  rake
  rubocop
  serverless-tools!
  test-unit

BUNDLED WITH
   2.3.25
