PATH
  remote: .
  specs:
    serverless-tools (0.18.6)
      aws-sdk-ecr
      aws-sdk-lambda
      aws-sdk-s3
      faraday-retry
      octokit
      slack-ruby-client
      thor

GEM
  remote: https://rubygems.org/
  specs:
    addressable (2.8.7)
      public_suffix (>= 2.0.2, < 7.0)
    ast (2.4.3)
    aws-eventstream (1.3.2)
    aws-partitions (1.1082.0)
    aws-sdk-core (3.222.1)
      aws-eventstream (~> 1, >= 1.3.0)
      aws-partitions (~> 1, >= 1.992.0)
      aws-sigv4 (~> 1.9)
      base64
      jmespath (~> 1, >= 1.6.1)
      logger
    aws-sdk-ecr (1.99.0)
      aws-sdk-core (~> 3, >= 3.216.0)
      aws-sigv4 (~> 1.5)
    aws-sdk-kms (1.99.0)
      aws-sdk-core (~> 3, >= 3.216.0)
      aws-sigv4 (~> 1.5)
    aws-sdk-lambda (1.148.0)
      aws-sdk-core (~> 3, >= 3.216.0)
      aws-sigv4 (~> 1.5)
    aws-sdk-s3 (1.183.0)
      aws-sdk-core (~> 3, >= 3.216.0)
      aws-sdk-kms (~> 1)
      aws-sigv4 (~> 1.5)
    aws-sigv4 (1.11.0)
      aws-eventstream (~> 1, >= 1.0.2)
    base64 (0.2.0)
    faraday (2.13.1)
      faraday-net_http (>= 2.0, < 3.5)
      json
      logger
    faraday-mashify (0.1.1)
      faraday (~> 2.0)
      hashie
    faraday-multipart (1.1.0)
      multipart-post (~> 2.0)
    faraday-net_http (3.4.0)
      net-http (>= 0.5.0)
    faraday-retry (2.3.1)
      faraday (~> 2.0)
    gem-release (2.2.4)
    gli (2.22.2)
      ostruct
    hashie (5.0.0)
    jmespath (1.6.2)
    json (2.11.3)
    language_server-protocol (3.17.0.4)
    lint_roller (1.1.0)
    logger (1.7.0)
    minitest (5.25.5)
    mocha (2.7.1)
      ruby2_keywords (>= 0.0.5)
    multipart-post (2.4.1)
    net-http (0.6.0)
      uri
    octokit (10.0.0)
      faraday (>= 1, < 3)
      sawyer (~> 0.9)
    ostruct (0.6.1)
    parallel (1.26.3)
    parser (3.3.7.4)
      ast (~> 2.4.1)
      racc
    power_assert (2.0.5)
    prism (1.4.0)
    public_suffix (6.0.1)
    racc (1.8.1)
    rainbow (3.1.1)
    rake (13.2.1)
    regexp_parser (2.10.0)
    rexml (3.4.1)
    rubocop (1.75.2)
      json (~> 2.3)
      language_server-protocol (~> 3.17.0.2)
      lint_roller (~> 1.1.0)
      parallel (~> 1.10)
      parser (>= 3.3.0.2)
      rainbow (>= 2.2.2, < 4.0)
      regexp_parser (>= 2.9.3, < 3.0)
      rubocop-ast (>= 1.44.0, < 2.0)
      ruby-progressbar (~> 1.7)
      unicode-display_width (>= 2.4.0, < 4.0)
    rubocop-ast (1.44.0)
      parser (>= 3.3.7.2)
      prism (~> 1.4)
    ruby-progressbar (1.13.0)
    ruby2_keywords (0.0.5)
    sawyer (0.9.2)
      addressable (>= 2.3.5)
      faraday (>= 0.17.3, < 3)
    slack-ruby-client (2.5.2)
      faraday (>= 2.0)
      faraday-mashify
      faraday-multipart
      gli
      hashie
      logger
    test-unit (3.6.8)
      power_assert
    thor (1.3.2)
    unicode-display_width (3.1.4)
      unicode-emoji (~> 4.0, >= 4.0.4)
    unicode-emoji (4.0.4)
    uri (1.0.3)

PLATFORMS
  ruby

DEPENDENCIES
  bundler (~> 2.4)
  gem-release
  minitest (~> 5.0)
  mocha
  rake
  rexml
  rubocop
  serverless-tools!
  test-unit

CHECKSUMS
  addressable (2.8.7) sha256=462986537cf3735ab5f3c0f557f14155d778f4b43ea4f485a9deb9c8f7c58232
  ast (2.4.3) sha256=954615157c1d6a382bc27d690d973195e79db7f55e9765ac7c481c60bdb4d383
  aws-eventstream (1.3.2) sha256=7e2c3a55ca70d7861d5d3c98e47daa463ed539c349caba22b48305b8919572d7
  aws-partitions (1.1082.0) sha256=b77347af71e71cd457e227997e53635078b4fc8b14961ab606685a385dd7fa8c
  aws-sdk-core (3.222.1) sha256=349f39840fca4300384bd6dc85a546a0ad9def81d48d1f99607a6b3ec27bcbb2
  aws-sdk-ecr (1.99.0) sha256=fa90b022daec7ba9b53db963c68870adfa478dc948786ac33b456312c56331bc
  aws-sdk-kms (1.99.0) sha256=ba292fc3ffd672532aae2601fe55ff424eee78da8e23c23ba6ce4037138275a8
  aws-sdk-lambda (1.148.0) sha256=9c6ef3b96b838651f78cb3e72cb70d58acb2e084bea519ac07a6f2cdb7ef8fa7
  aws-sdk-s3 (1.183.0) sha256=8c06b0330c76fc57b4a04a94aec25a8474160b05b2436334d9f8e57ea2799f4c
  aws-sigv4 (1.11.0) sha256=50a8796991a862324442036ad7a395920572b84bb6cd29b945e5e1800e8da1db
  base64 (0.2.0) sha256=0f25e9b21a02a0cc0cea8ef92b2041035d39350946e8789c562b2d1a3da01507
  faraday (2.13.1) sha256=cc531eb5467e7d74d4517630fa96f1a7003647cbf20a9a3e067d098941217b75
  faraday-mashify (0.1.1) sha256=b4b2bc7890d78327a271e4d64bd0156b5e4589fcd8d3e66b1b529fcef10a3eba
  faraday-multipart (1.1.0) sha256=856b0f1c7316a4d6c052dd2eef5c42f887d56d93a171fe8880da1af064ca0751
  faraday-net_http (3.4.0) sha256=a1f1e4cd6a2cf21599c8221595e27582d9936819977bbd4089a601f24c64e54a
  faraday-retry (2.3.1) sha256=4004faa21f41fc5360d359bc79889fc58fb7fae0ce93bfb737a784ac76805c03
  gem-release (2.2.4) sha256=2f11124c1580c811507c3b47e875e420cf3ed792a98105b49df11971e6e94db3
  gli (2.22.2) sha256=580e8d6c88b0f0f0cb8e8b2ca18c3485ed0f742cece855de46bf8e36202f5db0
  hashie (5.0.0) sha256=9d6c4e51f2a36d4616cbc8a322d619a162d8f42815a792596039fc95595603da
  jmespath (1.6.2) sha256=238d774a58723d6c090494c8879b5e9918c19485f7e840f2c1c7532cf84ebcb1
  json (2.11.3) sha256=9a10f658a2de67c0eb837eb795dd48132ce797c403e52b5ebef87dcdc7f9ccc1
  language_server-protocol (3.17.0.4) sha256=c484626478664fd13482d8180947c50a8590484b1258b99b7aedb3b69df89669
  lint_roller (1.1.0) sha256=2c0c845b632a7d172cb849cc90c1bce937a28c5c8ccccb50dfd46a485003cc87
  logger (1.7.0) sha256=196edec7cc44b66cfb40f9755ce11b392f21f7967696af15d274dde7edff0203
  minitest (5.25.5) sha256=391b6c6cb43a4802bfb7c93af1ebe2ac66a210293f4a3fb7db36f2fc7dc2c756
  mocha (2.7.1) sha256=8f7d538d5d3ebc75fc788b3d92fbab913a93a78462d2a3ce99d1bdde7af7f851
  multipart-post (2.4.1) sha256=9872d03a8e552020ca096adadbf5e3cb1cd1cdd6acd3c161136b8a5737cdb4a8
  net-http (0.6.0) sha256=9621b20c137898af9d890556848c93603716cab516dc2c89b01a38b894e259fb
  octokit (10.0.0) sha256=82e99a539b7637b7e905e6d277bb0c1a4bed56735935cc33db6da7eae49a24e8
  ostruct (0.6.1) sha256=09a3fb7ecc1fa4039f25418cc05ae9c82bd520472c5c6a6f515f03e4988cb817
  parallel (1.26.3) sha256=d86babb7a2b814be9f4b81587bf0b6ce2da7d45969fab24d8ae4bf2bb4d4c7ef
  parser (3.3.7.4) sha256=2b26282274280e13f891080dc4ef3f65ce658d62e13255b246b28ec6754e98ab
  power_assert (2.0.5) sha256=63b511b85bb8ea57336d25156864498644f5bbf028699ceda27949e0125bc323
  prism (1.4.0) sha256=dc0e3e00e93160213dc2a65519d9002a4a1e7b962db57d444cf1a71565bb703e
  public_suffix (6.0.1) sha256=61d44e1cab5cbbbe5b31068481cf16976dd0dc1b6b07bd95617ef8c5e3e00c6f
  racc (1.8.1) sha256=4a7f6929691dbec8b5209a0b373bc2614882b55fc5d2e447a21aaa691303d62f
  rainbow (3.1.1) sha256=039491aa3a89f42efa1d6dec2fc4e62ede96eb6acd95e52f1ad581182b79bc6a
  rake (13.2.1) sha256=46cb38dae65d7d74b6020a4ac9d48afed8eb8149c040eccf0523bec91907059d
  regexp_parser (2.10.0) sha256=cb6f0ddde88772cd64bff1dbbf68df66d376043fe2e66a9ef77fcb1b0c548c61
  rexml (3.4.1) sha256=c74527a9a0a04b4ec31dbe0dc4ed6004b960af943d8db42e539edde3a871abca
  rubocop (1.75.2) sha256=8efde647e278417e8074421b007e0d7d7c591482ef99d980528b18fea015a7c8
  rubocop-ast (1.44.0) sha256=77fdaf4aacf0c7d1ef887b075686124fb4ae5743d42ff7e73bb1c0d6b61b5d0a
  ruby-progressbar (1.13.0) sha256=80fc9c47a9b640d6834e0dc7b3c94c9df37f08cb072b7761e4a71e22cff29b33
  ruby2_keywords (0.0.5) sha256=ffd13740c573b7301cf7a2e61fc857b2a8e3d3aff32545d6f8300d8bae10e3ef
  sawyer (0.9.2) sha256=fa3a72d62a4525517b18857ddb78926aab3424de0129be6772a8e2ba240e7aca
  serverless-tools (0.18.6)
  slack-ruby-client (2.5.2) sha256=afe3c9ddee00ca6bdf8871fe96cefff4dd746ecc51f70f7e290303a4a3903c93
  test-unit (3.6.8) sha256=0aa115c7d1044b92b80091c71f1f57f5d8b186402b29170e45fb4b5f20a6374e
  thor (1.3.2) sha256=eef0293b9e24158ccad7ab383ae83534b7ad4ed99c09f96f1a6b036550abbeda
  unicode-display_width (3.1.4) sha256=8caf2af1c0f2f07ec89ef9e18c7d88c2790e217c482bfc78aaa65eadd5415ac1
  unicode-emoji (4.0.4) sha256=2c2c4ef7f353e5809497126285a50b23056cc6e61b64433764a35eff6c36532a
  uri (1.0.3) sha256=e9f2244608eea2f7bc357d954c65c910ce0399ca5e18a7a29207ac22d8767011

BUNDLED WITH
   2.6.3
