PATH
  remote: .
  specs:
    serverless-tools (0.17.11)
      aws-sdk-ecr
      aws-sdk-lambda
      aws-sdk-s3
      faraday-retry
      octokit
      slack-ruby-client
      thor

GEM
  remote: https://rubygems.org/
  specs:
    addressable (2.8.6)
      public_suffix (>= 2.0.2, < 6.0)
    ast (2.4.2)
    aws-eventstream (1.3.0)
    aws-partitions (1.934.0)
    aws-sdk-core (3.196.1)
      aws-eventstream (~> 1, >= 1.3.0)
      aws-partitions (~> 1, >= 1.651.0)
      aws-sigv4 (~> 1.8)
      jmespath (~> 1, >= 1.6.1)
    aws-sdk-ecr (1.72.0)
      aws-sdk-core (~> 3, >= 3.193.0)
      aws-sigv4 (~> 1.1)
    aws-sdk-kms (1.82.0)
      aws-sdk-core (~> 3, >= 3.193.0)
      aws-sigv4 (~> 1.1)
    aws-sdk-lambda (1.120.0)
      aws-sdk-core (~> 3, >= 3.193.0)
      aws-sigv4 (~> 1.1)
    aws-sdk-s3 (1.151.0)
      aws-sdk-core (~> 3, >= 3.194.0)
      aws-sdk-kms (~> 1)
      aws-sigv4 (~> 1.8)
    aws-sigv4 (1.8.0)
      aws-eventstream (~> 1, >= 1.0.2)
    base64 (0.2.0)
    faraday (2.9.0)
      faraday-net_http (>= 2.0, < 3.2)
    faraday-mashify (0.1.1)
      faraday (~> 2.0)
      hashie
    faraday-multipart (1.0.4)
      multipart-post (~> 2)
    faraday-net_http (3.1.0)
      net-http
    faraday-retry (2.2.1)
      faraday (~> 2.0)
    gem-release (2.2.2)
    gli (2.21.1)
    hashie (5.0.0)
    jmespath (1.6.2)
    json (2.7.2)
    language_server-protocol (3.17.0.3)
    minitest (5.22.3)
    mocha (2.2.0)
      ruby2_keywords (>= 0.0.5)
    multipart-post (2.3.0)
    net-http (0.4.1)
      uri
    octokit (8.1.0)
      base64
      faraday (>= 1, < 3)
      sawyer (~> 0.9)
    parallel (1.24.0)
    parser (3.3.1.0)
      ast (~> 2.4.1)
      racc
    power_assert (2.0.3)
    public_suffix (5.0.4)
    racc (1.8.0)
    rainbow (3.1.1)
    rake (13.2.1)
    regexp_parser (2.9.2)
    rexml (3.2.8)
      strscan (>= 3.0.9)
    rubocop (1.63.5)
      json (~> 2.3)
      language_server-protocol (>= 3.17.0)
      parallel (~> 1.10)
      parser (>= 3.3.0.2)
      rainbow (>= 2.2.2, < 4.0)
      regexp_parser (>= 1.8, < 3.0)
      rexml (>= 3.2.5, < 4.0)
      rubocop-ast (>= 1.31.1, < 2.0)
      ruby-progressbar (~> 1.7)
      unicode-display_width (>= 2.4.0, < 3.0)
    rubocop-ast (1.31.3)
      parser (>= 3.3.1.0)
    ruby-progressbar (1.13.0)
    ruby2_keywords (0.0.5)
    sawyer (0.9.2)
      addressable (>= 2.3.5)
      faraday (>= 0.17.3, < 3)
    slack-ruby-client (2.3.0)
      faraday (>= 2.0)
      faraday-mashify
      faraday-multipart
      gli
      hashie
    strscan (3.1.0)
    test-unit (3.6.2)
      power_assert
    thor (1.3.1)
    unicode-display_width (2.5.0)
    uri (0.13.0)

PLATFORMS
  ruby

DEPENDENCIES
  bundler (~> 2.4)
  gem-release
  minitest (~> 5.0)
  mocha
  rake
  rubocop
  serverless-tools!
  test-unit

BUNDLED WITH
   2.4.7
